GIT
  remote: https://github.com/wjp2013/acts-as-taggable-on.git
  revision: 8a7fba6851f538d1875cf8e61d2c49add4e57a04
  specs:
    acts-as-taggable-on (2.4.2.pre)
      activerecord (~> 4.0.0)

GEM
  remote: http://ruby.taobao.org/
  specs:
    actionpack (4.0.2)
      activesupport (= 4.0.2)
      builder (~> 3.1.0)
      erubis (~> 2.7.0)
      rack (~> 1.5.2)
      rack-test (~> 0.6.2)
    activemodel (4.0.2)
      activesupport (= 4.0.2)
      builder (~> 3.1.0)
    activerecord (4.0.2)
      activemodel (= 4.0.2)
      activerecord-deprecated_finders (~> 1.0.2)
      activesupport (= 4.0.2)
      arel (~> 4.0.0)
    activerecord-deprecated_finders (1.0.3)
    activesupport (4.0.2)
      i18n (~> 0.6, >= 0.6.4)
      minitest (~> 4.2)
      multi_json (~> 1.3)
      thread_safe (~> 0.1)
      tzinfo (~> 0.3.37)
    arel (4.0.1)
    ast (1.1.0)
    atomic (1.1.14)
    awesome_nested_set (3.0.0.rc.3)
      activerecord (>= 4.0.0, < 5)
    axiom-types (0.0.5)
      descendants_tracker (~> 0.0.1)
      ice_nine (~> 0.9)
    builder (3.1.4)
    china_sms (0.0.5)
    coderay (1.1.0)
    coercible (1.0.0)
      descendants_tracker (~> 0.0.1)
    descendants_tracker (0.0.3)
    encrypted_id (1.1.1)
      activerecord (>= 3.0.0)
    equalizer (0.0.8)
    erubis (2.7.0)
    grape (0.6.1)
      activesupport
      builder
      hashie (>= 1.2.0)
      multi_json (>= 1.3.2)
      multi_xml (>= 0.5.2)
      rack (>= 1.3.0)
      rack-accept
      rack-mount
      virtus (>= 1.0.0)
    grape-jbuilder (0.1.0)
      grape (>= 0.3)
      i18n
      jbuilder
      tilt
      tilt-jbuilder (>= 0.4.0)
    grape-kaminari (0.1.0)
      grape
      kaminari
    grape-shaman_cache (0.1.1)
      activesupport
      grape (>= 0.6.1)
      jbuilder
    hashie (2.0.5)
    i18n (0.6.9)
    ice_nine (0.10.0)
    jbuilder (1.5.3)
      activesupport (>= 3.0.0)
      multi_json (>= 1.2.0)
    json (1.8.1)
    kaminari (0.15.0)
      actionpack (>= 3.0.0)
      activesupport (>= 3.0.0)
    method_source (0.8.2)
    mina (0.3.0)
      open4
      rake
    minitest (4.7.5)
    multi_json (1.8.2)
    multi_xml (0.5.5)
    mysql2 (0.3.14)
    newrelic-grape (1.3.1)
      grape
      newrelic_rpm
    newrelic_rpm (3.7.1.182)
    open4 (1.3.1)
    paranoia (2.0.1)
      activerecord (~> 4.0)
    parser (2.1.4)
      ast (~> 1.1)
      slop (~> 3.4, >= 3.4.5)
    powerpack (0.0.9)
    pry (0.9.12.4)
      coderay (~> 1.0)
      method_source (~> 0.8)
      slop (~> 3.4)
    puma (2.7.1)
      rack (>= 1.1, < 2.0)
    rack (1.5.2)
    rack-accept (0.4.5)
      rack (>= 0.4)
    rack-mount (0.8.3)
      rack (>= 1.0.0)
    rack-test (0.6.2)
      rack (>= 1.0)
    racksh (1.0.0)
      rack (>= 1.0)
      rack-test (>= 0.5)
    rainbow (2.0.0)
    rake (10.1.0)
    rubocop (0.18.1)
      json (>= 1.7.7, < 2)
      parser (~> 2.1.3)
      powerpack (~> 0.0.6)
      rainbow (>= 1.99.1, < 3.0)
    shotgun (0.9)
      rack (>= 1.0)
    slop (3.4.7)
    thread_safe (0.1.3)
      atomic
    tilt (2.0.0)
    tilt-jbuilder (0.5.2)
      jbuilder
      tilt
    tzinfo (0.3.38)
    virtus (1.0.1)
      axiom-types (~> 0.0.5)
      coercible (~> 1.0)
      descendants_tracker (~> 0.0.1)
      equalizer (~> 0.0.7)

PLATFORMS
  ruby

DEPENDENCIES
  activerecord (= 4.0.2)
  acts-as-taggable-on (~> 2.4.1)!
  awesome_nested_set (~> 3.0.0.rc.1)
  china_sms
  encrypted_id
  grape (~> 0.6.1)
  grape-jbuilder
  grape-kaminari
  grape-shaman_cache
  mina
  mysql2
  newrelic-grape
  paranoia (~> 2.0.1)
  pry
  puma
  rack (~> 1.5.0)
  racksh
  rake
  rubocop (~> 0.18.1)
  shotgun
