GIT
  remote: git://github.com/wjp2013/grape-kaminari.git
  revision: ff4ab1dfdbc00a3ac572ec05bd0f6f20a53e0b54
  specs:
    grape-kaminari (0.1.1)
      grape
      kaminari

GIT
  remote: git://github.com/wjp2013/grape-shaman_cache.git
  revision: 9ca011aedf516a37538b1c50bfd51883b1edd81e
  specs:
    grape-shaman_cache (0.2.0)
      activesupport
      grape (>= 0.6.1)
      grape-jbuilder (= 0.2.0)

GEM
  remote: https://rubygems.org/
  specs:
    actionpack (4.1.0.rc2)
      actionview (= 4.1.0.rc2)
      activesupport (= 4.1.0.rc2)
      rack (~> 1.5.2)
      rack-test (~> 0.6.2)
    actionview (4.1.0.rc2)
      activesupport (= 4.1.0.rc2)
      builder (~> 3.1)
      erubis (~> 2.7.0)
    activemodel (4.1.0.rc2)
      activesupport (= 4.1.0.rc2)
      builder (~> 3.1)
    activerecord (4.1.0.rc2)
      activemodel (= 4.1.0.rc2)
      activesupport (= 4.1.0.rc2)
      arel (~> 5.0.0)
    activesupport (4.1.0.rc2)
      i18n (~> 0.6, >= 0.6.9)
      json (~> 1.7, >= 1.7.7)
      minitest (~> 5.1)
      thread_safe (~> 0.1)
      tzinfo (~> 1.1)
    arel (5.0.0)
    ast (1.1.0)
    awesome_nested_set (3.0.0.rc.3)
      activerecord (>= 4.0.0, < 5)
    axiom-types (0.1.1)
      descendants_tracker (~> 0.0.4)
      ice_nine (~> 0.11.0)
      thread_safe (~> 0.3, >= 0.3.1)
    builder (3.2.2)
    china_sms (0.0.6)
    coderay (1.1.0)
    coercible (1.0.0)
      descendants_tracker (~> 0.0.1)
    descendants_tracker (0.0.4)
      thread_safe (~> 0.3, >= 0.3.1)
    encrypted_id (1.1.1)
      activerecord (>= 3.0.0)
    equalizer (0.0.9)
    erubis (2.7.0)
    grape (0.7.0)
      activesupport
      builder
      hashie (>= 1.2.0)
      multi_json (>= 1.3.2)
      multi_xml (>= 0.5.2)
      rack (>= 1.3.0)
      rack-accept
      rack-mount
      virtus (>= 1.0.0)
    grape-jbuilder (0.2.0)
      grape (>= 0.3)
      i18n
      jbuilder
      tilt
      tilt-jbuilder (>= 0.4.0)
    hashie (2.1.0)
    i18n (0.6.9)
    ice_nine (0.11.0)
    jbuilder (2.0.6)
      activesupport (>= 3.0.0, < 5)
      multi_json (~> 1.2)
    json (1.8.1)
    kaminari (0.15.1)
      actionpack (>= 3.0.0)
      activesupport (>= 3.0.0)
    method_source (0.8.2)
    mina (0.3.0)
      open4
      rake
    minitest (5.3.2)
    multi_json (1.9.2)
    multi_xml (0.5.5)
    mysql2 (0.3.15)
    open4 (1.3.3)
    paranoia (2.0.2)
      activerecord (~> 4.0)
    parser (2.1.7)
      ast (~> 1.1)
      slop (~> 3.4, >= 3.4.5)
    powerpack (0.0.9)
    pry (0.9.12.6)
      coderay (~> 1.0)
      method_source (~> 0.8)
      slop (~> 3.4)
    puma (2.8.1)
      rack (>= 1.1, < 2.0)
    rack (1.5.2)
    rack-accept (0.4.5)
      rack (>= 0.4)
    rack-cors (0.2.9)
    rack-mount (0.8.3)
      rack (>= 1.0.0)
    rack-test (0.6.2)
      rack (>= 1.0)
    racksh (1.0.0)
      rack (>= 1.0)
      rack-test (>= 0.5)
    rainbow (2.0.0)
    rake (10.2.2)
    rubocop (0.18.1)
      json (>= 1.7.7, < 2)
      parser (~> 2.1.3)
      powerpack (~> 0.0.6)
      rainbow (>= 1.99.1, < 3.0)
    shotgun (0.9)
      rack (>= 1.0)
    slop (3.5.0)
    thread_safe (0.3.3)
    tilt (1.4.1)
    tilt-jbuilder (0.5.3)
      jbuilder
      tilt (<= 1.4.1)
    tzinfo (1.1.0)
      thread_safe (~> 0.1)
    virtus (1.0.2)
      axiom-types (~> 0.1)
      coercible (~> 1.0)
      descendants_tracker (~> 0.0.3)
      equalizer (~> 0.0.9)

PLATFORMS
  ruby

DEPENDENCIES
  activerecord (= 4.1.0.rc2)
  awesome_nested_set (~> 3.0.0.rc.1)
  china_sms
  encrypted_id
  grape (= 0.7.0)
  grape-jbuilder
  grape-kaminari!
  grape-shaman_cache (= 0.2.0)!
  mina
  minitest
  mysql2
  paranoia (~> 2.0.1)
  pry
  puma
  rack (~> 1.5.0)
  rack-cors
  rack-test
  racksh
  rake
  rubocop (~> 0.18.1)
  shotgun
